PATH
  remote: .
  specs:
    acts_as_flaggable (0.0.2)
      activerecord (~> 3.2.6)

GEM
  remote: http://rubygems.org/
  specs:
    activemodel (3.2.6)
      activesupport (= 3.2.6)
      builder (~> 3.0.0)
    activerecord (3.2.6)
      activemodel (= 3.2.6)
      activesupport (= 3.2.6)
      arel (~> 3.0.2)
      tzinfo (~> 0.3.29)
    activesupport (3.2.6)
      i18n (~> 0.6)
      multi_json (~> 1.0)
    ansi (1.4.3)
    arel (3.0.2)
    builder (3.0.0)
    hashie (1.2.0)
    i18n (0.6.0)
    minitest (3.2.0)
    minitest-reporters (0.9.0)
      ansi
      builder
      minitest (>= 2.0, < 4.0)
      powerbar
    multi_json (1.3.6)
    powerbar (1.0.6)
      ansi (~> 1.4.0)
      hashie (>= 1.1.0)
    tzinfo (0.3.33)

PLATFORMS
  ruby

DEPENDENCIES
  acts_as_flaggable!
  minitest (~> 3.2.0)
  minitest-reporters (~> 0.9.0)
